GEM
  remote: https://rubygems.org/
  specs:
    activesupport (5.2.8.1)
      concurrent-ruby (~> 1.0, >= 1.0.2)
      i18n (>= 0.7, < 2)
      minitest (~> 5.1)
      tzinfo (~> 1.1)
    concurrent-ruby (1.2.3)
    enumerable-lazy (0.0.2)
    i18n (0.9.5)
      concurrent-ruby (~> 1.0)
    mail (2.7.1)
      mini_mime (>= 0.1.1)
    mime-types (2.99.3)
    mini_mime (1.1.2)
    minitest (5.15.0)
    moneta (0.8.1)
    mustermann (2.0.2)
      ruby2_keywords (~> 0.0.1)
    mustermann19 (0.4.4)
      enumerable-lazy
    padrino (0.13.3.1)
      padrino-admin (= 0.13.3.1)
      padrino-cache (= 0.13.3.1)
      padrino-core (= 0.13.3.1)
      padrino-gen (= 0.13.3.1)
      padrino-helpers (= 0.13.3.1)
      padrino-mailer (= 0.13.3.1)
      padrino-support (= 0.13.3.1)
    padrino-admin (0.13.3.1)
      padrino-core (= 0.13.3.1)
      padrino-helpers (= 0.13.3.1)
    padrino-cache (0.13.3.1)
      moneta (~> 0.8.0)
      padrino-core (= 0.13.3.1)
      padrino-helpers (= 0.13.3.1)
    padrino-core (0.13.3.1)
      activesupport (>= 3.1)
      mustermann19
      padrino-support (= 0.13.3.1)
      rack-protection (>= 1.5.0)
      sinatra (>= 1.4.6)
      thor (~> 0.18)
    padrino-gen (0.13.3.1)
      bundler (~> 1.0)
      padrino-core (= 0.13.3.1)
    padrino-helpers (0.13.3.1)
      i18n (~> 0.6, >= 0.6.7)
      padrino-support (= 0.13.3.1)
      tilt (>= 1.4.1, < 3)
    padrino-mailer (0.13.3.1)
      mail (~> 2.5)
      mime-types (< 3)
      padrino-core (= 0.13.3.1)
    padrino-support (0.13.3.1)
      activesupport (>= 3.1)
    rack (2.2.8)
    rack-protection (2.2.4)
      rack
    rake (11.2.2)
    ruby2_keywords (0.0.5)
    sinatra (2.2.4)
      mustermann (~> 2.0)
      rack (~> 2.2)
      rack-protection (= 2.2.4)
      tilt (~> 2.0)
    thor (0.20.3)
    thread_safe (0.3.6)
    tilt (2.3.0)
    tzinfo (1.2.11)
      thread_safe (~> 0.1)

PLATFORMS
  ruby

DEPENDENCIES
  padrino (= 0.13.3.1)
  rake

BUNDLED WITH
   1.17.3
